GEM
  remote: https://rubygems.org/
  specs:
    CFPropertyList (2.2.0)

PLATFORMS
  ruby

DEPENDENCIES
  CFPropertyList

BUNDLED WITH
   2.0.2
